{
	"Modality": "MR",
	"MagneticFieldStrength": 3,
	"ImagingFrequency": 123.255,
	"Manufacturer": "Siemens",
	"ManufacturersModelName": "Prisma",
	"InstitutionName": "NIAAA",
	"InstitutionalDepartmentName": "Department",
	"InstitutionAddress": "Center_Drive_10_Bethesda_MD_US_20892",
	"DeviceSerialNumber": "66028",
	"StationName": "AWP66028",
	"BodyPartExamined": "BRAIN",
	"PatientPosition": "HFS",
	"ProcedureStepDescription": "MRI_Procedure_Limited",
	"SoftwareVersions": "syngo_MR_D13D",
	"MRAcquisitionType": "3D",
	"SeriesDescription": "T2STAR_SAG_3DEPI",
	"ProtocolName": "T2STAR_SAG_3DEPI",
	"ScanningSequence": "EP",
	"SequenceVariant": "SK_SP_OSP",
	"ScanOptions": "WE",
	"SequenceName": "epfid3d1_15",
	"ImageType": ["ORIGINAL", "PRIMARY", "P", "ND", "PHASE"],
	"SeriesNumber": 26,
	"AcquisitionTime": "17:42:49.107500",
	"AcquisitionNumber": 1,
	"SliceThickness": 0.65,
	"SAR": 0.00233174,
	"EchoTime": 0.035,
	"RepetitionTime": 0.064,
	"FlipAngle": 10,
	"PartialFourier": 1,
	"BaseResolution": 384,
	"ShimSetting": [
		5403,
		-1319,
		6652,
		340,
		-102,
		-38,
		230,
		5	],
	"TxRefAmp": 240.372,
	"PhaseResolution": 1,
	"ReceiveCoilName": "Head_32",
	"ReceiveCoilActiveElements": "HEA;HEP",
	"PulseSequenceDetails": "%CustomerSeq%_nih3depi",
	"ConsistencyInfo": "N4_VD13D_LATEST_20130810",
	"PercentPhaseFOV": 81.25,
	"PercentSampling": 100,
	"EchoTrainLength": 15,
	"PhaseEncodingSteps": 315,
	"AcquisitionMatrixPE": 312,
	"ReconMatrixPE": 312,
	"PixelBandwidth": 395,
	"DwellTime": 3.3e-06,
	"PhaseEncodingDirection": "i",
	"ImageOrientationPatientDICOM": [
		-0.0539727,
		0.975159,
		0.214828,
		-0.0360708,
		0.213097,
		-0.976365	],
	"InPlanePhaseEncodingDirectionDICOM": "ROW",
	"ConversionSoftware": "dcm2niix",
	"ConversionSoftwareVersion": "v1.0.20200331"
}
