{"Modality": "MR", "MagneticFieldStrength": 3, "ImagingFrequency": 123.255, "Manufacturer": "Siemens", "ManufacturersModelName": "Prisma", "InstitutionName": "NIMH", "InstitutionalDepartmentName": "Department", "InstitutionAddress": "Center_Drive_10_Bethesda_MD_US_20892", "DeviceSerialNumber": "66028", "StationName": "AWP66028", "BodyPartExamined": "BRAIN", "PatientPosition": "HFS", "ProcedureStepDescription": "MRI_Procedure_Limited", "SoftwareVersions": "syngo_MR_D13D", "MRAcquisitionType": "2D", "SeriesDescription": "BIGFRI1_AP_reference", "ProtocolName": "BIGFRI1_AP_reference", "ScanningSequence": "EP", "SequenceVariant": "SK_SS", "ScanOptions": "FS", "SequenceName": "epfid2d1_96", "ImageType": ["ORIGINAL", "PRIMARY", "M", "MB", "ND", "MOSAIC"], "SeriesNumber": 28, "AcquisitionTime": "12:42:29.587500", "AcquisitionNumber": 1, "ImageComments": "Unaliased_MB3_PE3_LB", "SliceThickness": 2, "SpacingBetweenSlices": 2, "SAR": 0.105944, "EchoTime": 0.033, "RepetitionTime": 1.5, "FlipAngle": 75, "PartialFourier": 1, "BaseResolution": 96, "ShimSetting": [5411, -1364, 6724, 524, -86, 11, 59, 6], "TxRefAmp": 229.46, "PhaseResolution": 1, "ReceiveCoilName": "Head_32", "ReceiveCoilActiveElements": "HEA;HEP", "PulseSequenceDetails": "%CustomerSeq%_cmrr_mbep2d_bold", "WipMemBlock": "4e7b8c76-e59e-4018-8518-a69782b25523||Sequence: R016 vd13d/master r/9483a2f6; Dec 19 2017 12:17:24 by eja", "ConsistencyInfo": "N4_VD13D_LATEST_20130810", "MultibandAccelerationFactor": 3, "PercentPhaseFOV": 100, "PercentSampling": 100, "EchoTrainLength": 96, "PhaseEncodingSteps": 96, "AcquisitionMatrixPE": 96, "ReconMatrixPE": 96, "BandwidthPerPixelPhaseEncode": 18.939, "EffectiveEchoSpacing": 0.000550011, "DerivedVendorReportedEchoSpacing": 0.000550011, "TotalReadoutTime": 0.0522511, "PixelBandwidth": 2265, "DwellTime": 2.3e-06, "PhaseEncodingDirection": "j-", "SliceTiming": [0, 0.665, 1.3325, 0.5175, 1.1825, 0.37, 1.035, 0.2225, 0.8875, 0.075, 0.74, 1.405, 0.5925, 1.2575, 0.4425, 1.11, 0.295, 0.9625, 0.1475, 0.8125, 0, 0.665, 1.3325, 0.5175, 1.1825, 0.37, 1.035, 0.2225, 0.8875, 0.075, 0.74, 1.405, 0.5925, 1.2575, 0.4425, 1.11, 0.295, 0.9625, 0.1475, 0.8125, 0, 0.665, 1.3325, 0.5175, 1.1825, 0.37, 1.035, 0.2225, 0.8875, 0.075, 0.74, 1.405, 0.5925, 1.2575, 0.4425, 1.11, 0.295, 0.9625, 0.1475, 0.8125], "ImageOrientationPatientDICOM": [1, 0, 0, 0, 1, 0], "InPlanePhaseEncodingDirectionDICOM": "COL", "ConversionSoftware": "dcm2niix", "ConversionSoftwareVersion": "v1.0.20200331", "IntendedFor": ["ses-things04/func/sub-01_ses-things04_task-things_run-01_bold.nii.gz", "ses-things04/func/sub-01_ses-things04_task-things_run-02_bold.nii.gz", "ses-things04/func/sub-01_ses-things04_task-things_run-03_bold.nii.gz", "ses-things04/func/sub-01_ses-things04_task-things_run-04_bold.nii.gz", "ses-things04/func/sub-01_ses-things04_task-things_run-05_bold.nii.gz", "ses-things04/func/sub-01_ses-things04_task-things_run-06_bold.nii.gz", "ses-things04/func/sub-01_ses-things04_task-things_run-07_bold.nii.gz", "ses-things04/func/sub-01_ses-things04_task-things_run-08_bold.nii.gz", "ses-things04/func/sub-01_ses-things04_task-things_run-09_bold.nii.gz", "ses-things04/func/sub-01_ses-things04_task-things_run-10_bold.nii.gz"], "TaskName": "rest"}