{
    "Modality": "MR",
    "MagneticFieldStrength": 3,
    "ImagingFrequency": 123.255,
    "Manufacturer": "Siemens",
    "ManufacturersModelName": "Prisma",
    "InstitutionName": "NIMH",
    "InstitutionalDepartmentName": "Department",
    "InstitutionAddress": "Center_Drive_10_Bethesda_MD_US_20892",
    "DeviceSerialNumber": "66028",
    "StationName": "AWP66028",
    "BodyPartExamined": "BRAIN",
    "PatientPosition": "HFS",
    "ProcedureStepDescription": "NIMH_Hebart",
    "SoftwareVersions": "syngo_MR_D13D",
    "MRAcquisitionType": "2D",
    "SeriesDescription": "gre_field_mapping_2mm",
    "ProtocolName": "gre_field_mapping_2mm",
    "ScanningSequence": "GR",
    "SequenceVariant": "SP",
    "SequenceName": "_fm2d2r",
    "ImageType": [
        "ORIGINAL",
        "PRIMARY",
        "M",
        "ND"
    ],
    "SeriesNumber": 27,
    "AcquisitionTime": "12:44:57.085000",
    "AcquisitionNumber": 1,
    "SliceThickness": 3,
    "SpacingBetweenSlices": 3,
    "SAR": 0.103566,
    "EchoNumber": 2,
    "EchoTime": 0.00738,
    "RepetitionTime": 0.52,
    "FlipAngle": 60,
    "PartialFourier": 1,
    "BaseResolution": 64,
    "ShimSetting": [
        5395,
        -1293,
        6679,
        479,
        -131,
        117,
        258,
        17
    ],
    "TxRefAmp": 235.925,
    "PhaseResolution": 1,
    "ReceiveCoilName": "Head_32",
    "ReceiveCoilActiveElements": "HEA;HEP",
    "PulseSequenceDetails": "%SiemensSeq%_gre_field_mapping",
    "ConsistencyInfo": "N4_VD13D_LATEST_20130810",
    "PercentPhaseFOV": 100,
    "PercentSampling": 100,
    "PhaseEncodingSteps": 64,
    "AcquisitionMatrixPE": 64,
    "ReconMatrixPE": 64,
    "PixelBandwidth": 300,
    "DwellTime": 2.6e-05,
    "PhaseEncodingDirection": "j",
    "SliceTiming": [
        0,
        0.26562,
        0.00781,
        0.27344,
        0.02344,
        0.28906,
        0.03125,
        0.29688,
        0.03906,
        0.30469,
        0.05469,
        0.32031,
        0.0625,
        0.32812,
        0.07031,
        0.33594,
        0.08594,
        0.35156,
        0.09375,
        0.35938,
        0.10156,
        0.375,
        0.11719,
        0.38281,
        0.125,
        0.39062,
        0.13281,
        0.39844,
        0.14844,
        0.41406,
        0.15625,
        0.42188,
        0.17188,
        0.4375,
        0.17969,
        0.44531,
        0.1875,
        0.45312,
        0.20312,
        0.46875,
        0.21094,
        0.47656,
        0.21875,
        0.48438,
        0.23438,
        0.5,
        0.24219,
        0.50781,
        0.25781
    ],
    "ImageOrientationPatientDICOM": [
        1,
        2.19018e-05,
        0.000348149,
        -3.79151e-09,
        0.998028,
        -0.0627742
    ],
    "InPlanePhaseEncodingDirectionDICOM": "COL",
    "ConversionSoftware": "dcm2niix",
    "ConversionSoftwareVersion": "v1.0.20200331",
    "IntendedFor": [
        "ses-things04/func/sub-02_ses-things04_task-things_run-01_bold.nii.gz",
        "ses-things04/func/sub-02_ses-things04_task-things_run-02_bold.nii.gz",
        "ses-things04/func/sub-02_ses-things04_task-things_run-03_bold.nii.gz",
        "ses-things04/func/sub-02_ses-things04_task-things_run-04_bold.nii.gz",
        "ses-things04/func/sub-02_ses-things04_task-things_run-05_bold.nii.gz",
        "ses-things04/func/sub-02_ses-things04_task-things_run-06_bold.nii.gz",
        "ses-things04/func/sub-02_ses-things04_task-things_run-07_bold.nii.gz",
        "ses-things04/func/sub-02_ses-things04_task-things_run-08_bold.nii.gz",
        "ses-things04/func/sub-02_ses-things04_task-things_run-09_bold.nii.gz",
        "ses-things04/func/sub-02_ses-things04_task-things_run-10_bold.nii.gz"
    ]
}