{"Modality": "MR", "MagneticFieldStrength": 3, "ImagingFrequency": 123.255, "Manufacturer": "Siemens", "ManufacturersModelName": "Prisma", "InstitutionName": "NIMH", "InstitutionalDepartmentName": "Department", "InstitutionAddress": "Center_Drive_10_Bethesda_MD_US_20892", "DeviceSerialNumber": "66028", "StationName": "AWP66028", "BodyPartExamined": "BRAIN", "PatientPosition": "HFS", "ProcedureStepDescription": "MRI_Procedure_Limited", "SoftwareVersions": "syngo_MR_D13D", "MRAcquisitionType": "3D", "SeriesDescription": "T1w_MPR", "ProtocolName": "T1w_MPR", "ScanningSequence": "GR_IR", "SequenceVariant": "SK_SP_MP", "ScanOptions": "IR_WE", "SequenceName": "_tfl3d1_16ns", "ImageType": ["ORIGINAL", "PRIMARY", "M", "ND", "NORM"], "SeriesNumber": 30, "AcquisitionTime": "11:09:59.735000", "AcquisitionNumber": 1, "SliceThickness": 0.8, "SAR": 0.038324, "EchoTime": 0.00224, "RepetitionTime": 2.4, "InversionTime": 1.06, "FlipAngle": 8, "PartialFourier": 1, "BaseResolution": 320, "ShimSetting": [5409, -1407, 6659, 265, -78, -184, 99, 4], "TxRefAmp": 228.031, "PhaseResolution": 1, "ReceiveCoilName": "Head_32", "ReceiveCoilActiveElements": "HEA;HEP", "PulseSequenceDetails": "%SiemensSeq%_tfl", "RefLinesPE": 32, "ConsistencyInfo": "N4_VD13D_LATEST_20130810", "PercentPhaseFOV": 93.75, "PercentSampling": 100, "PhaseEncodingSteps": 299, "AcquisitionMatrixPE": 300, "ReconMatrixPE": 300, "ParallelReductionFactorInPlane": 2, "PixelBandwidth": 210, "DwellTime": 7.4e-06, "ImageOrientationPatientDICOM": [0, 1, 0, 0, 0, -1], "InPlanePhaseEncodingDirectionDICOM": "ROW", "ConversionSoftware": "dcm2niix", "ConversionSoftwareVersion": "v1.0.20200331", "reconstruction": "pydeface"}