{"Modality": "MR", "MagneticFieldStrength": 3, "ImagingFrequency": 123.255, "Manufacturer": "Siemens", "ManufacturersModelName": "Prisma", "InstitutionName": "NIMH", "InstitutionalDepartmentName": "Department", "InstitutionAddress": "Center_Drive_10_Bethesda_MD_US_20892", "DeviceSerialNumber": "66028", "StationName": "AWP66028", "BodyPartExamined": "BRAIN", "PatientPosition": "HFS", "ProcedureStepDescription": "MRI_Procedure_Limited", "SoftwareVersions": "syngo_MR_D13D", "MRAcquisitionType": "3D", "SeriesDescription": "T2w_SPC", "ProtocolName": "T2w_SPC", "ScanningSequence": "SE", "SequenceVariant": "SK_SP", "ScanOptions": "PFP", "SequenceName": "_spc_314ns", "ImageType": ["ORIGINAL", "PRIMARY", "M", "ND"], "SeriesNumber": 29, "AcquisitionTime": "13:27:49.297500", "AcquisitionNumber": 1, "SliceThickness": 0.8, "SAR": 0.102875, "EchoTime": 0.564, "RepetitionTime": 3.2, "FlipAngle": 120, "PartialFourier": 1, "BaseResolution": 320, "ShimSetting": [5408, -1350, 6639, 331, -74, -150, 82, 28], "TxRefAmp": 236.541, "PhaseResolution": 1, "ReceiveCoilName": "Head_32", "ReceiveCoilActiveElements": "HEA;HEP", "PulseSequenceDetails": "%SiemensSeq%_tse_vfl", "RefLinesPE": 32, "ConsistencyInfo": "N4_VD13D_LATEST_20130810", "PercentPhaseFOV": 93.75, "PercentSampling": 100, "EchoTrainLength": 303, "PhaseEncodingSteps": 289, "AcquisitionMatrixPE": 300, "ReconMatrixPE": 300, "ParallelReductionFactorInPlane": 2, "PixelBandwidth": 745, "DwellTime": 2.1e-06, "PhaseEncodingDirection": "i", "ImageOrientationPatientDICOM": [0.0248388, 0.99518, -0.0948647, 0.00360808, -0.0949826, -0.995472], "InPlanePhaseEncodingDirectionDICOM": "ROW", "ConversionSoftware": "dcm2niix", "ConversionSoftwareVersion": "v1.0.20200331", "reconstruction": "pydeface"}