{
	"Modality": "MR",
	"MagneticFieldStrength": 3,
	"ImagingFrequency": 123.255,
	"Manufacturer": "Siemens",
	"ManufacturersModelName": "Prisma",
	"InstitutionName": "NIAAA",
	"InstitutionalDepartmentName": "Department",
	"InstitutionAddress": "Center_Drive_10_Bethesda_MD_US_20892",
	"DeviceSerialNumber": "66028",
	"StationName": "AWP66028",
	"BodyPartExamined": "BRAIN",
	"PatientPosition": "HFS",
	"ProcedureStepDescription": "MRI_Procedure_Limited",
	"SoftwareVersions": "syngo_MR_D13D",
	"MRAcquisitionType": "3D",
	"SeriesDescription": "T2STAR_SAG_3DEPI",
	"ProtocolName": "T2STAR_SAG_3DEPI",
	"ScanningSequence": "EP",
	"SequenceVariant": "SK_SP_OSP",
	"ScanOptions": "WE",
	"SequenceName": "epfid3d1_15",
	"ImageType": ["ORIGINAL", "PRIMARY", "M", "ND", "NORM"],
	"SeriesNumber": 25,
	"AcquisitionTime": "14:54:40.085000",
	"AcquisitionNumber": 1,
	"SliceThickness": 0.65,
	"SAR": 0.00208717,
	"EchoTime": 0.035,
	"RepetitionTime": 0.064,
	"FlipAngle": 10,
	"PartialFourier": 1,
	"BaseResolution": 384,
	"ShimSetting": [
		5403,
		-1348,
		6643,
		305,
		-69,
		-166,
		76,
		33	],
	"TxRefAmp": 236.255,
	"PhaseResolution": 1,
	"ReceiveCoilName": "Head_32",
	"ReceiveCoilActiveElements": "HEA;HEP",
	"PulseSequenceDetails": "%CustomerSeq%_nih3depi",
	"ConsistencyInfo": "N4_VD13D_LATEST_20130810",
	"PercentPhaseFOV": 81.25,
	"PercentSampling": 100,
	"EchoTrainLength": 15,
	"PhaseEncodingSteps": 315,
	"AcquisitionMatrixPE": 312,
	"ReconMatrixPE": 312,
	"PixelBandwidth": 395,
	"DwellTime": 3.3e-06,
	"PhaseEncodingDirection": "i",
	"ImageOrientationPatientDICOM": [
		0.0146621,
		0.997125,
		0.0743416,
		-4.57631e-05,
		0.0743502,
		-0.997232	],
	"InPlanePhaseEncodingDirectionDICOM": "ROW",
	"ConversionSoftware": "dcm2niix",
	"ConversionSoftwareVersion": "v1.0.20200331"
}
