{"Modality": "MR", "MagneticFieldStrength": 3, "ImagingFrequency": 123.255, "Manufacturer": "Siemens", "ManufacturersModelName": "Prisma", "InstitutionName": "NIMH", "InstitutionalDepartmentName": "Department", "InstitutionAddress": "Center_Drive_10_Bethesda_MD_US_20892", "DeviceSerialNumber": "66028", "StationName": "AWP66028", "BodyPartExamined": "BRAIN", "PatientPosition": "HFS", "ProcedureStepDescription": "MRI_Procedure_Limited", "SoftwareVersions": "syngo_MR_D13D", "MRAcquisitionType": "2D", "SeriesDescription": "BIGFRI3_AP_reference", "ProtocolName": "BIGFRI3_AP_reference", "ScanningSequence": "EP", "SequenceVariant": "SK_SS", "ScanOptions": "FS", "SequenceName": "epfid2d1_96", "ImageType": ["ORIGINAL", "PRIMARY", "M", "MB", "ND", "MOSAIC"], "SeriesNumber": 26, "AcquisitionTime": "14:37:24.215000", "AcquisitionNumber": 1, "ImageComments": "Unaliased_MB3_PE3_LB", "SliceThickness": 2, "SpacingBetweenSlices": 2, "SAR": 0.093371, "EchoTime": 0.033, "RepetitionTime": 1.5, "FlipAngle": 75, "PartialFourier": 1, "BaseResolution": 96, "ShimSetting": [5402, -1338, 6696, 578, -74, 95, 152, 12], "TxRefAmp": 242.107, "PhaseResolution": 1, "ReceiveCoilName": "Head_32", "ReceiveCoilActiveElements": "HEA;HEP", "PulseSequenceDetails": "%CustomerSeq%_cmrr_mbep2d_bold", "WipMemBlock": "ca26cf47-a289-4fbd-a4e1-d74bc1ce5780||Sequence: R016 vd13d/master r/9483a2f6; Dec 19 2017 12:17:24 by eja", "ConsistencyInfo": "N4_VD13D_LATEST_20130810", "MultibandAccelerationFactor": 3, "PercentPhaseFOV": 100, "PercentSampling": 100, "EchoTrainLength": 96, "PhaseEncodingSteps": 96, "AcquisitionMatrixPE": 96, "ReconMatrixPE": 96, "BandwidthPerPixelPhaseEncode": 18.939, "EffectiveEchoSpacing": 0.000550011, "DerivedVendorReportedEchoSpacing": 0.000550011, "TotalReadoutTime": 0.0522511, "PixelBandwidth": 2265, "DwellTime": 2.3e-06, "PhaseEncodingDirection": "j-", "SliceTiming": [0, 0.6675, 1.3325, 0.5175, 1.185, 0.37, 1.0375, 0.2225, 0.8875, 0.075, 0.74, 1.405, 0.5925, 1.2575, 0.445, 1.11, 0.2975, 0.9625, 0.1475, 0.815, 0, 0.6675, 1.3325, 0.5175, 1.185, 0.37, 1.0375, 0.2225, 0.8875, 0.075, 0.74, 1.405, 0.5925, 1.2575, 0.445, 1.11, 0.2975, 0.9625, 0.1475, 0.815, 0, 0.6675, 1.3325, 0.5175, 1.185, 0.37, 1.0375, 0.2225, 0.8875, 0.075, 0.74, 1.405, 0.5925, 1.2575, 0.445, 1.11, 0.2975, 0.9625, 0.1475, 0.815], "ImageOrientationPatientDICOM": [1, 0, 0, 0, 0.985408, -0.170209], "InPlanePhaseEncodingDirectionDICOM": "COL", "ConversionSoftware": "dcm2niix", "ConversionSoftwareVersion": "v1.0.20200331", "IntendedFor": ["ses-things11/func/sub-03_ses-things11_task-things_run-01_bold.nii.gz", "ses-things11/func/sub-03_ses-things11_task-things_run-02_bold.nii.gz", "ses-things11/func/sub-03_ses-things11_task-things_run-03_bold.nii.gz", "ses-things11/func/sub-03_ses-things11_task-things_run-04_bold.nii.gz", "ses-things11/func/sub-03_ses-things11_task-things_run-05_bold.nii.gz", "ses-things11/func/sub-03_ses-things11_task-things_run-06_bold.nii.gz", "ses-things11/func/sub-03_ses-things11_task-things_run-07_bold.nii.gz", "ses-things11/func/sub-03_ses-things11_task-things_run-08_bold.nii.gz", "ses-things11/func/sub-03_ses-things11_task-things_run-09_bold.nii.gz", "ses-things11/func/sub-03_ses-things11_task-things_run-10_bold.nii.gz"], "TaskName": "rest"}