{"Modality": "MR", "MagneticFieldStrength": 3, "ImagingFrequency": 123.255, "Manufacturer": "Siemens", "ManufacturersModelName": "Prisma", "InstitutionName": "NIMH", "InstitutionalDepartmentName": "Department", "InstitutionAddress": "Center_Drive_10_Bethesda_MD_US_20892", "DeviceSerialNumber": "66028", "StationName": "AWP66028", "BodyPartExamined": "BRAIN", "PatientPosition": "HFS", "SoftwareVersions": "syngo_MR_D13D", "MRAcquisitionType": "3D", "SeriesDescription": "<MPR_Range>", "ProtocolName": "T1w_MPR", "ScanningSequence": "GR_IR", "SequenceVariant": "SK_SP_MP", "ScanOptions": "IR_WE", "SequenceName": "_tfl3d1_16ns", "ImageType": ["DERIVED", "SECONDARY", "PROJECTION IMAGE", "CSA MPR", "CSAPARALLEL", "M", "ND", "NORM"], "RawImage": false, "SeriesNumber": 7, "AcquisitionTime": "11:17:1.022500", "AcquisitionNumber": 1, "SliceThickness": 0.8, "SAR": 0.0394078, "EchoTime": 0.00224, "RepetitionTime": 2.4, "InversionTime": 1.06, "FlipAngle": 8, "PercentPhaseFOV": 93.75, "PercentSampling": 100, "PhaseEncodingSteps": 299, "AcquisitionMatrixPE": 300, "ReconMatrixPE": 484, "PixelBandwidth": 210, "ImageOrientationPatientDICOM": [0, 1, 0, 0, 0, -1], "InPlanePhaseEncodingDirectionDICOM": "ROW", "ConversionSoftware": "dcm2niix", "ConversionSoftwareVersion": "v1.0.20200331", "reconstruction": "pydeface"}