{"Modality": "MR", "MagneticFieldStrength": 3, "ImagingFrequency": 123.255, "Manufacturer": "Siemens", "ManufacturersModelName": "Prisma", "InstitutionName": "NIMH", "InstitutionalDepartmentName": "Department", "InstitutionAddress": "Center_Drive_10_Bethesda_MD_US_20892", "DeviceSerialNumber": "66028", "StationName": "AWP66028", "BodyPartExamined": "BRAIN", "PatientPosition": "HFS", "ProcedureStepDescription": "MRI_Procedure_Limited", "SoftwareVersions": "syngo_MR_D13D", "MRAcquisitionType": "3D", "SeriesDescription": "TOF_3D_multi-slab", "ProtocolName": "TOF_3D_multi-slab", "ScanningSequence": "GR", "SequenceVariant": "SP_OSP", "ScanOptions": "SAT1", "SequenceName": "_fl3d1r_t70", "ImageType": ["ORIGINAL", "PRIMARY", "M", "ND", "NORM"], "SeriesNumber": 29, "AcquisitionTime": "11:45:46.332500", "AcquisitionNumber": 1, "SliceThickness": 0.5, "SpacingBetweenSlices": 16, "SAR": 0.316723, "EchoTime": 0.00343, "RepetitionTime": 0.021, "FlipAngle": 18, "PartialFourier": 1, "Interpolation2D": 1, "BaseResolution": 384, "ShimSetting": [5411, -1316, 6436, 83, -47, -9, -49, -11], "TxRefAmp": 230.576, "PhaseResolution": 0.95, "ReceiveCoilName": "Head_32", "ReceiveCoilActiveElements": "HEA;HEP", "PulseSequenceDetails": "%SiemensSeq%_fl_tof", "RefLinesPE": 32, "ConsistencyInfo": "N4_VD13D_LATEST_20130810", "PercentPhaseFOV": 90.625, "PercentSampling": 95, "PhaseEncodingSteps": 330, "AcquisitionMatrixPE": 331, "ReconMatrixPE": 696, "ParallelReductionFactorInPlane": 2, "PixelBandwidth": 185, "DwellTime": 7e-06, "ImageOrientationPatientDICOM": [1, -2.05103e-10, 0, 2.05103e-10, 1, 0], "InPlanePhaseEncodingDirectionDICOM": "ROW", "ConversionSoftware": "dcm2niix", "ConversionSoftwareVersion": "v1.0.20200331", "reconstruction": "pydeface"}