{
    "Modality": "MR",
    "MagneticFieldStrength": 3,
    "ImagingFrequency": 123.255,
    "Manufacturer": "Siemens",
    "ManufacturersModelName": "Prisma",
    "InstitutionName": "NIMH",
    "InstitutionalDepartmentName": "Department",
    "InstitutionAddress": "Center_Drive_10_Bethesda_MD_US_20892",
    "DeviceSerialNumber": "66028",
    "StationName": "AWP66028",
    "BodyPartExamined": "BRAIN",
    "PatientPosition": "HFS",
    "ProcedureStepDescription": "MRI_Procedure_Limited",
    "SoftwareVersions": "syngo_MR_D13D",
    "MRAcquisitionType": "2D",
    "SeriesDescription": "gre_field_mapping_2mm",
    "ProtocolName": "gre_field_mapping_2mm",
    "ScanningSequence": "GR",
    "SequenceVariant": "SP",
    "SequenceName": "_fm2d2r",
    "ImageType": [
        "ORIGINAL",
        "PRIMARY",
        "M",
        "ND"
    ],
    "SeriesNumber": 27,
    "AcquisitionTime": "12:49:34.315000",
    "AcquisitionNumber": 1,
    "SliceThickness": 3,
    "SpacingBetweenSlices": 3,
    "SAR": 0.108316,
    "EchoNumber": 1,
    "EchoTime": 0.00492,
    "RepetitionTime": 0.52,
    "FlipAngle": 60,
    "PartialFourier": 1,
    "BaseResolution": 64,
    "ShimSetting": [
        5413,
        -1364,
        6719,
        536,
        -72,
        7,
        87,
        14
    ],
    "TxRefAmp": 228.15,
    "PhaseResolution": 1,
    "ReceiveCoilName": "Head_32",
    "ReceiveCoilActiveElements": "HEA;HEP",
    "PulseSequenceDetails": "%SiemensSeq%_gre_field_mapping",
    "ConsistencyInfo": "N4_VD13D_LATEST_20130810",
    "PercentPhaseFOV": 100,
    "PercentSampling": 100,
    "PhaseEncodingSteps": 64,
    "AcquisitionMatrixPE": 64,
    "ReconMatrixPE": 64,
    "PixelBandwidth": 300,
    "DwellTime": 2.6e-05,
    "PhaseEncodingDirection": "j",
    "SliceTiming": [
        0,
        0.27344,
        0.01562,
        0.28125,
        0.02344,
        0.28906,
        0.03125,
        0.29688,
        0.04688,
        0.3125,
        0.05469,
        0.32031,
        0.07031,
        0.33594,
        0.07812,
        0.34375,
        0.08594,
        0.35156,
        0.10156,
        0.36719,
        0.10938,
        0.375,
        0.11719,
        0.38281,
        0.13281,
        0.39844,
        0.14062,
        0.40625,
        0.15625,
        0.41406,
        0.16406,
        0.42969,
        0.17188,
        0.4375,
        0.1875,
        0.45312,
        0.19531,
        0.46094,
        0.20312,
        0.46875,
        0.21875,
        0.47656,
        0.22656,
        0.49219,
        0.23438,
        0.5,
        0.25,
        0.51562,
        0.25781
    ],
    "ImageOrientationPatientDICOM": [
        1,
        0,
        0,
        0,
        1,
        0
    ],
    "InPlanePhaseEncodingDirectionDICOM": "COL",
    "ConversionSoftware": "dcm2niix",
    "ConversionSoftwareVersion": "v1.0.20200331",
    "IntendedFor": [
        "ses-things11/func/sub-01_ses-things11_task-things_run-01_bold.nii.gz",
        "ses-things11/func/sub-01_ses-things11_task-things_run-02_bold.nii.gz",
        "ses-things11/func/sub-01_ses-things11_task-things_run-03_bold.nii.gz",
        "ses-things11/func/sub-01_ses-things11_task-things_run-04_bold.nii.gz",
        "ses-things11/func/sub-01_ses-things11_task-things_run-05_bold.nii.gz",
        "ses-things11/func/sub-01_ses-things11_task-things_run-06_bold.nii.gz",
        "ses-things11/func/sub-01_ses-things11_task-things_run-07_bold.nii.gz",
        "ses-things11/func/sub-01_ses-things11_task-things_run-08_bold.nii.gz",
        "ses-things11/func/sub-01_ses-things11_task-things_run-09_bold.nii.gz",
        "ses-things11/func/sub-01_ses-things11_task-things_run-10_bold.nii.gz"
    ]
}